PATH
  remote: .
  specs:
    skydb (0.2.1)
      chronic (~> 0.9.0)
      commander (~> 4.1.3)
      msgpack (~> 0.4.7)
      ruby-progressbar (~> 1.0.2)
      treetop (~> 1.4.12)
      unindentable (~> 0.1.0)

GEM
  remote: http://rubygems.org/
  specs:
    chronic (0.9.0)
    commander (4.1.3)
      highline (~> 1.6.11)
    highline (1.6.15)
    metaclass (0.0.1)
    minitest (3.5.0)
    mocha (0.12.5)
      metaclass (~> 0.0.1)
    msgpack (0.4.7)
    polyglot (0.3.3)
    rake (0.9.2.2)
    ruby-progressbar (1.0.2)
    treetop (1.4.12)
      polyglot
      polyglot (>= 0.3.1)
    unindentable (0.1.0)

PLATFORMS
  ruby

DEPENDENCIES
  minitest (~> 3.5.0)
  mocha (~> 0.12.5)
  rake (~> 0.9.2.2)
  skydb!
