PATH
  remote: .
  specs:
    skydb (0.1.0)
      msgpack (~> 0.4.7)

GEM
  remote: http://rubygems.org/
  specs:
    metaclass (0.0.1)
    minitest (3.5.0)
    mocha (0.12.5)
      metaclass (~> 0.0.1)
    msgpack (0.4.7)
    rake (0.9.2.2)

PLATFORMS
  ruby

DEPENDENCIES
  minitest (~> 3.5.0)
  mocha (~> 0.12.5)
  rake (~> 0.9.2.2)
  skydb!
