PATH
  remote: .
  specs:
    skydb (0.3.0)

GEM
  remote: http://rubygems.org/
  specs:
    addressable (2.3.2)
    crack (0.3.2)
    m (1.3.1)
      method_source (>= 0.6.7)
      rake (>= 0.9.2.2)
    metaclass (0.0.1)
    method_source (0.8.1)
    minitest (4.6.2)
    mocha (0.13.3)
      metaclass (~> 0.0.1)
    multi_json (1.7.2)
    rake (10.0.3)
    simplecov (0.7.1)
      multi_json (~> 1.0)
      simplecov-html (~> 0.7.1)
    simplecov-html (0.7.1)
    unindentable (0.1.0)
    webmock (1.11.0)
      addressable (>= 2.2.7)
      crack (>= 0.3.2)

PLATFORMS
  ruby

DEPENDENCIES
  m (~> 1.3.1)
  minitest (~> 4.6.2)
  mocha (~> 0.13.3)
  rake (~> 10.0.3)
  simplecov (~> 0.7.1)
  skydb!
  unindentable (~> 0.1.0)
  webmock (~> 1.11.0)
